GEM
  remote: https://rubygems.org/
  specs:
    cli-ui (1.0.0)
    rake (12.3.0)
    rouge (2.0.7)
    xcpretty (0.2.8)
      rouge (~> 2.0.7)

PLATFORMS
  ruby

DEPENDENCIES
  cli-ui
  rake
  xcpretty

BUNDLED WITH
   1.16.1
